PATH
  remote: .
  specs:
    pg_global_search (0.0.2)
      pg_search (~> 0.5)

GEM
  remote: http://rubygems.org/
  specs:
    activemodel (3.2.8)
      activesupport (= 3.2.8)
      builder (~> 3.0.0)
    activerecord (3.2.8)
      activemodel (= 3.2.8)
      activesupport (= 3.2.8)
      arel (~> 3.0.2)
      tzinfo (~> 0.3.29)
    activesupport (3.2.8)
      i18n (~> 0.6)
      multi_json (~> 1.0)
    arel (3.0.2)
    builder (3.0.0)
    diff-lcs (1.1.3)
    i18n (0.6.0)
    multi_json (1.3.6)
    pg (0.13.2)
    pg_search (0.5.1)
      activerecord (>= 3)
      activesupport (>= 3)
    rake (0.9.2.2)
    rspec (2.10.0)
      rspec-core (~> 2.10.0)
      rspec-expectations (~> 2.10.0)
      rspec-mocks (~> 2.10.0)
    rspec-core (2.10.1)
    rspec-expectations (2.10.0)
      diff-lcs (~> 1.1.3)
    rspec-mocks (2.10.1)
    tzinfo (0.3.33)

PLATFORMS
  ruby

DEPENDENCIES
  pg
  pg_global_search!
  rake (~> 0.9.2.2)
  rspec (~> 2.10.0)
